GEM
  remote: https://rubygems.org/
  specs:
    execjs (2.7.0)
    rake (12.3.1)

PLATFORMS
  ruby

DEPENDENCIES
  execjs
  rake

BUNDLED WITH
   1.16.1
