GEM
  remote: https://rubygems.org/
  specs:
    execjs (2.6.0)
    rake (10.1.0)

PLATFORMS
  ruby

DEPENDENCIES
  execjs
  rake

BUNDLED WITH
   1.10.6
